GEM
  remote: https://rubygems.org/
  specs:
    coderay (1.1.3)
    diff-lcs (1.6.1)
    json (2.10.2)
    method_source (1.1.0)
    nokogiri (1.18.6-aarch64-linux-gnu)
      racc (~> 1.4)
    nokogiri (1.18.6-aarch64-linux-musl)
      racc (~> 1.4)
    nokogiri (1.18.6-arm-linux-gnu)
      racc (~> 1.4)
    nokogiri (1.18.6-arm-linux-musl)
      racc (~> 1.4)
    nokogiri (1.18.6-arm64-darwin)
      racc (~> 1.4)
    nokogiri (1.18.6-x86_64-darwin)
      racc (~> 1.4)
    nokogiri (1.18.6-x86_64-linux-gnu)
      racc (~> 1.4)
    nokogiri (1.18.6-x86_64-linux-musl)
      racc (~> 1.4)
    pry (0.15.2)
      coderay (~> 1.1)
      method_source (~> 1.0)
    racc (1.8.1)
    rspec (3.13.0)
      rspec-core (~> 3.13.0)
      rspec-expectations (~> 3.13.0)
      rspec-mocks (~> 3.13.0)
    rspec-core (3.13.3)
      rspec-support (~> 3.13.0)
    rspec-expectations (3.13.3)
      diff-lcs (>= 1.2.0, < 2.0)
      rspec-support (~> 3.13.0)
    rspec-mocks (3.13.2)
      diff-lcs (>= 1.2.0, < 2.0)
      rspec-support (~> 3.13.0)
    rspec-support (3.13.2)

PLATFORMS
  aarch64-linux-gnu
  aarch64-linux-musl
  arm-linux-gnu
  arm-linux-musl
  arm64-darwin
  x86_64-darwin
  x86_64-linux-gnu
  x86_64-linux-musl

DEPENDENCIES
  json (~> 2.6)
  nokogiri (~> 1.15)
  pry (~> 0.14)
  rspec (~> 3.12)

BUNDLED WITH
   2.5.11
